PATH
  remote: .
  specs:
    mingle_keyvalue_store (0.1.4)
      aws-sdk (= 1.11.3)

GEM
  remote: https://rubygems.org/
  specs:
    aws-sdk (1.11.3)
      json (~> 1.4)
      nokogiri (< 1.6.0)
      uuidtools (~> 2.1)
    json (1.8.0)
    nokogiri (1.5.10)
    rake (0.8.7)
    uuidtools (2.1.4)

PLATFORMS
  ruby

DEPENDENCIES
  mingle_keyvalue_store!
  rake
