PATH
  remote: .
  specs:
    mingle_keyvalue_store (0.1.9)
      aws-sdk-dynamodb (~> 1)

GEM
  remote: https://rubygems.org/
  specs:
    aws-partitions (1.21.0)
    aws-sdk-core (3.5.0)
      aws-partitions (~> 1.0)
      aws-sigv4 (~> 1.0)
      jmespath (~> 1.0)
    aws-sdk-dynamodb (1.2.0)
      aws-sdk-core (~> 3)
      aws-sigv4 (~> 1.0)
    aws-sigv4 (1.0.2)
    jmespath (1.3.1)
    rake (0.8.7)

PLATFORMS
  java
  ruby

DEPENDENCIES
  mingle_keyvalue_store!
  rake

BUNDLED WITH
   1.15.4
