PATH
  remote: .
  specs:
    mingle_keyvalue_store (0.1.8)
      aws-sdk (~> 1.11, >= 1.11.3)

GEM
  remote: https://rubygems.org/
  specs:
    aws-sdk (1.33.0)
      json (~> 1.4)
      nokogiri (>= 1.4.4)
      uuidtools (~> 2.1)
    json (1.8.1-java)
    mini_portile (0.5.2)
    nokogiri (1.6.1-java)
      mini_portile (~> 0.5.0)
    rake (0.8.7)
    uuidtools (2.1.4)

PLATFORMS
  java
  ruby

DEPENDENCIES
  mingle_keyvalue_store!
  rake
